GEM
  remote: https://rubygems.org/
  specs:
    amq-protocol (2.3.2)
    bunny (2.23.0)
      amq-protocol (~> 2.3, >= 2.3.1)
      sorted_set (~> 1, >= 1.0.2)
    concurrent-ruby (1.3.4)
    faker (3.5.1)
      i18n (>= 1.8.11, < 2)
    i18n (1.14.6)
      concurrent-ruby (~> 1.0)
    rbtree (0.4.6)
    set (1.1.1)
    sorted_set (1.0.3)
      rbtree
      set (~> 1.0)
    thread (0.2.2)

PLATFORMS
  x86_64-linux

DEPENDENCIES
  bunny (~> 2.23)
  faker (~> 3.5)
  thread (~> 0.2.2)

BUNDLED WITH
   2.4.17
